GEM
  remote: http://rubygems.org/
  specs:
    chunky_png (1.2.5)
    compass (0.12.2)
      chunky_png (~> 1.2)
      fssm (>= 0.2.7)
      sass (~> 3.1)
    fssm (0.2.9)
    modular-scale (0.0.5)
      compass (>= 0.11.5)
    sass (3.2.0.alpha.247)
    susy (1.0.rc.2)
      compass (>= 0.12.2)
      sass (>= 3.2.0.alpha.247)

PLATFORMS
  ruby

DEPENDENCIES
  compass (~> 0.12.2)
  modular-scale (~> 0.0.5)
  sass (~> 3.2.0.alpha.247)
  susy (~> 1.0.rc.2)
