GIT
  remote: git://github.com/chriseppstein/compass
  revision: 7060ff6b3cd79de858c90a885ab8ad88ebeda745
  branch: master
  specs:
    compass (0.13.alpha.4.7060ff6)
      chunky_png (~> 1.2)
      listen (<= 0.9.9)
      sass (~> 3.2.5)

GIT
  remote: git://github.com/ericam/accoutrement
  revision: baed94ddef58bac1f2f226996966d7725b7bc9e6
  branch: master
  specs:
    accoutrement (0.0.5)
      compass (>= 0.12.2)

GIT
  remote: git://github.com/ericam/susy
  revision: 1c4257290e2d1d985e87cfb79e3571877f9f69f1
  branch: susy-next
  specs:
    susy (2.0.0.alpha.1)
      compass (>= 0.12.2)
      sass (>= 3.2.0)

GEM
  remote: http://rubygems.org/
  specs:
    animate (0.2.beta.0)
      compass (>= 0.13.alpha.0)
      sass (>= 3.2.0)
    breakpoint (1.3)
      compass (>= 0.12.1)
      sass (>= 3.2.0)
    chunky_png (1.2.8)
    listen (0.7.3)
    modular-scale (1.0.6)
      compass (>= 0.12.1)
      sass (>= 3.2.0)
      sassy-math (>= 1.5)
    rb-fsevent (0.9.3)
    sass (3.2.8)
    sassy-math (1.5)
      compass (~> 0.11)

PLATFORMS
  ruby

DEPENDENCIES
  accoutrement!
  animate (~> 0.2.beta.0)
  breakpoint (~> 1.3)
  chunky_png (~> 1.2.6)
  compass!
  modular-scale (~> 1.0.2)
  rb-fsevent (~> 0.9.2)
  sass (~> 3.2.3)
  susy!
